GEM
  remote: https://rubygems.org/
  specs:
    excon (0.58.0)
    json (1.8.3)
    json_pure (1.8.6)
    mime (0.4.4)
    multi_json (1.12.1)
    packagecloud-ruby (1.0.5)
      excon (~> 0.40)
      json_pure (~> 1)
      mime (~> 0.4)
      multi_json (~> 1.0)

PLATFORMS
  ruby

DEPENDENCIES
  json
  packagecloud-ruby (~> 1.0.5)

BUNDLED WITH
   1.15.4
