GEM
  remote: https://rubygems.org/
  specs:
    diff-lcs (1.3)
    excon (0.59.0)
    json (2.1.0)
    json_pure (1.8.6)
    mime (0.4.4)
    multi_json (1.12.2)
    packagecloud-ruby (1.0.5)
      excon (~> 0.40)
      json_pure (~> 1)
      mime (~> 0.4)
      multi_json (~> 1.0)
    rspec (3.7.0)
      rspec-core (~> 3.7.0)
      rspec-expectations (~> 3.7.0)
      rspec-mocks (~> 3.7.0)
    rspec-core (3.7.0)
      rspec-support (~> 3.7.0)
    rspec-expectations (3.7.0)
      diff-lcs (>= 1.2.0, < 2.0)
      rspec-support (~> 3.7.0)
    rspec-mocks (3.7.0)
      diff-lcs (>= 1.2.0, < 2.0)
      rspec-support (~> 3.7.0)
    rspec-support (3.7.0)

PLATFORMS
  ruby

DEPENDENCIES
  json
  packagecloud-ruby (~> 1.0.5)
  rspec

BUNDLED WITH
   1.16.0
